GEM
  remote: https://rubygems.org/
  specs:
    event_stream_parser (1.0.0)
    faraday (2.9.0)
      faraday-net_http (>= 2.0, < 3.2)
    faraday-multipart (1.0.4)
      multipart-post (~> 2)
    faraday-net_http (3.1.0)
      net-http
    json (2.7.2)
    multipart-post (2.4.1)
    net-http (0.4.1)
      uri
    ruby-openai (7.0.1)
      event_stream_parser (>= 0.3.0, < 2.0.0)
      faraday (>= 1)
      faraday-multipart (>= 1)
    sorbet (0.5.11391)
      sorbet-static (= 0.5.11391)
    sorbet-static (0.5.11391-universal-darwin)
    uri (0.13.0)

PLATFORMS
  arm64-darwin-23
  ruby

DEPENDENCIES
  json
  ruby-openai
  sorbet
  uri

BUNDLED WITH
   2.5.9
